GEM
  remote: https://rubygems.org/
  specs:
    appguard (0.3.1)
      ffi (= 1.15.5)
    cloud_events (0.7.0)
    ffi (1.15.5)
    functions_framework (1.2.0)
      cloud_events (>= 0.7.0, < 2.a)
      puma (>= 4.3.0, < 6.a)
      rack (~> 2.1)
    nio4r (2.5.8)
    puma (5.6.5)
      nio4r (~> 2.0)
    rack (2.2.6.2)

PLATFORMS
  x86_64-linux

DEPENDENCIES
  appguard (~> 0.3)
  ffi (~> 1.15)
  functions_framework (~> 1.2)

BUNDLED WITH
   2.2.33
